GEM
  remote: https://rubygems.org/
  specs:
    deep_merge (1.0.1)
    httparty (0.11.0)
      multi_json (~> 1.0)
      multi_xml (>= 0.5.2)
    json (1.8.1)
    markio (0.1)
      nokogiri
    mini_portile (0.6.2)
    multi_json (1.10.1)
    multi_xml (0.5.5)
    nokogiri (1.6.5)
      mini_portile (~> 0.6.0)
    pinboard (0.1.1)
      httparty (= 0.11.0)

PLATFORMS
  ruby

DEPENDENCIES
  deep_merge
  httparty
  json
  markio
  nokogiri
  pinboard
